GEM
  remote: http://rubygems.org/
  specs:
    cinch (1.1.3)
    cleverbot (0.1.1)
      httparty (~> 0.8.0)
    httparty (0.8.1)
      multi_json
      multi_xml
    multi_json (1.0.4)
    multi_xml (0.4.1)

PLATFORMS
  ruby

DEPENDENCIES
  cinch
  cleverbot
